PATH
  remote: ../common
  specs:
    locomotivecms_common (0.3.1)
      activesupport (>= 5.1.5, < 6.0)
      attr_extras (~> 5.2.0)
      colorize
      stringex (~> 2.8.2)

PATH
  remote: ../custom_fields
  specs:
    custom_fields (2.10.0.beta3)
      activesupport (>= 5.1, < 6.0)
      bcrypt (~> 3.1.11)
      carrierwave-mongoid (~> 1.1.0)
      monetize (~> 1.9.0)
      mongoid (>= 6.2, < 7.0)

PATH
  remote: ../engine
  specs:
    locomotivecms (4.0.0.rc0)
      actionmailer-with-request (~> 0.5.0)
      adomain (~> 0.1.1)
      autoprefixer-rails (~> 8.0.0)
      bazaar (~> 0.0.2)
      bootstrap-kaminari-views (~> 0.0.5)
      bootstrap-sass (~> 3.4.1)
      carrierwave-imageoptim (= 0.1.5)
      carrierwave-mongoid (~> 1.1.0)
      codemirror-rails (~> 5.16.0)
      custom_fields (~> 2.10.0.beta3)
      devise (~> 4.6.2)
      devise-encryptable (~> 0.2.0)
      dragonfly (~> 1.2.0)
      flash_cookie_session (~> 1.1.1)
      font-awesome-sass (~> 5.2.0)
      grape (~> 1.1.0)
      grape-entity (= 0.7.1)
      highline (~> 1.7.10)
      image_optim (= 0.26.3)
      image_optim_pack (= 0.5.1)
      jbuilder (~> 2.7)
      jquery-rails (~> 4.3.1)
      jquery-ui-rails (~> 6.0.1)
      json-schema (~> 2.8.0)
      kaminari-actionview (~> 1.1.1)
      kaminari-mongoid (~> 1.0.1)
      locomotivecms_steam (~> 1.5.0.rc0)
      mongoid (~> 6.4.0)
      mongoid-tree (~> 2.1.0)
      multi_json (~> 1.13.1)
      origin (~> 2.3.1)
      pundit (~> 1.1.0)
      rack-cache (~> 1.7.1)
      rails (>= 5.2.3, < 6.0)
      rails-i18n (~> 5.1.1)
      responders (~> 2.4.0)
      simple_form (~> 4.0.1)
      simple_token_authentication (~> 1.15.1)
      slim (~> 3.0.9)
      yajl-ruby (~> 1.3.1)

PATH
  remote: ../steam
  specs:
    locomotivecms_steam (1.5.0.rc0)
      RedCloth (~> 4.3.2)
      autoprefixer-rails (~> 8.0.0)
      bcrypt (~> 3.1.11)
      chronic (~> 0.10.2)
      coffee-script (~> 2.4.1)
      compass (~> 1.0.3)
      dragonfly (~> 1.2.0)
      duktape (~> 1.6.1.0)
      httparty (~> 0.16.0)
      kramdown (~> 1.16.2)
      locomotivecms-solid (~> 4.0.1)
      locomotivecms_common (~> 0.3.1)
      mime-types (~> 3.1.0)
      mimetype-fu (~> 0.1.2)
      moneta (~> 1.0.0)
      morphine (~> 0.1.1)
      multi_json (~> 1.13.1)
      nokogiri (~> 1.10.0)
      pony (~> 1.12)
      rack-cache (~> 1.7.0)
      rack-rewrite (~> 1.5.1)
      rack_csrf (~> 2.6.0)
      sanitize (~> 4.6.4)
      sass (~> 3.4.25)
      sprockets (~> 3.7.1)
      uglifier (~> 4.1.3)

PATH
  remote: .
  specs:
    locomotivecms_search (0.2.0)
      algoliasearch (~> 1.19)
      rails (>= 5.1.6, < 6)

GEM
  remote: https://rubygems.org/
  specs:
    RedCloth (4.3.2)
    actioncable (5.2.3)
      actionpack (= 5.2.3)
      nio4r (~> 2.0)
      websocket-driver (>= 0.6.1)
    actionmailer (5.2.3)
      actionpack (= 5.2.3)
      actionview (= 5.2.3)
      activejob (= 5.2.3)
      mail (~> 2.5, >= 2.5.4)
      rails-dom-testing (~> 2.0)
    actionmailer-with-request (0.5.0)
      rails (>= 5)
    actionpack (5.2.3)
      actionview (= 5.2.3)
      activesupport (= 5.2.3)
      rack (~> 2.0)
      rack-test (>= 0.6.3)
      rails-dom-testing (~> 2.0)
      rails-html-sanitizer (~> 1.0, >= 1.0.2)
    actionview (5.2.3)
      activesupport (= 5.2.3)
      builder (~> 3.1)
      erubi (~> 1.4)
      rails-dom-testing (~> 2.0)
      rails-html-sanitizer (~> 1.0, >= 1.0.3)
    activejob (5.2.3)
      activesupport (= 5.2.3)
      globalid (>= 0.3.6)
    activemodel (5.2.3)
      activesupport (= 5.2.3)
    activerecord (5.2.3)
      activemodel (= 5.2.3)
      activesupport (= 5.2.3)
      arel (>= 9.0)
    activestorage (5.2.3)
      actionpack (= 5.2.3)
      activerecord (= 5.2.3)
      marcel (~> 0.3.1)
    activesupport (5.2.3)
      concurrent-ruby (~> 1.0, >= 1.0.2)
      i18n (>= 0.7, < 2)
      minitest (~> 5.1)
      tzinfo (~> 1.1)
    addressable (2.6.0)
      public_suffix (>= 2.0.2, < 4.0)
    adomain (0.1.1)
      addressable (~> 2.5)
    algoliasearch (1.26.0)
      httpclient (~> 2.8, >= 2.8.3)
      json (>= 1.5.1)
    arel (9.0.0)
    attr_extras (5.2.0)
    autoprefixer-rails (8.0.0)
      execjs
    axiom-types (0.1.1)
      descendants_tracker (~> 0.0.4)
      ice_nine (~> 0.11.0)
      thread_safe (~> 0.3, >= 0.3.1)
    bazaar (0.0.2)
    bcrypt (3.1.12)
    bootsnap (1.4.4)
      msgpack (~> 1.0)
    bootstrap-kaminari-views (0.0.5)
      kaminari (>= 0.13)
      rails (>= 3.1)
    bootstrap-sass (3.4.1)
      autoprefixer-rails (>= 5.2.1)
      sassc (>= 2.0.0)
    bson (4.4.2)
    builder (3.2.3)
    byebug (11.0.1)
    carrierwave (1.2.3)
      activemodel (>= 4.0.0)
      activesupport (>= 4.0.0)
      mime-types (>= 1.16)
    carrierwave-imageoptim (0.1.5)
      carrierwave (>= 0.10, < 1.3)
      image_optim (~> 0.22)
    carrierwave-mongoid (1.1.0)
      carrierwave (>= 0.8, < 1.3)
      mongoid (>= 3.0, < 8.0)
      mongoid-grid_fs (>= 1.3, < 3.0)
    chronic (0.10.2)
    chunky_png (1.3.11)
    codemirror-rails (5.16.0)
      railties (>= 3.0, < 6.0)
    coercible (1.0.0)
      descendants_tracker (~> 0.0.1)
    coffee-rails (4.2.2)
      coffee-script (>= 2.2.0)
      railties (>= 4.0.0)
    coffee-script (2.4.1)
      coffee-script-source
      execjs
    coffee-script-source (1.12.2)
    colorize (0.8.1)
    compass (1.0.3)
      chunky_png (~> 1.2)
      compass-core (~> 1.0.2)
      compass-import-once (~> 1.0.5)
      rb-fsevent (>= 0.9.3)
      rb-inotify (>= 0.9)
      sass (>= 3.3.13, < 3.5)
    compass-core (1.0.3)
      multi_json (~> 1.0)
      sass (>= 3.3.0, < 3.5)
    compass-import-once (1.0.5)
      sass (>= 3.2, < 3.5)
    concurrent-ruby (1.1.5)
    connection_pool (2.2.2)
    crass (1.0.4)
    database_cleaner (1.6.2)
    descendants_tracker (0.0.4)
      thread_safe (~> 0.3, >= 0.3.1)
    devise (4.6.2)
      bcrypt (~> 3.0)
      orm_adapter (~> 0.1)
      railties (>= 4.1.0, < 6.0)
      responders
      warden (~> 1.2.3)
    devise-encryptable (0.2.0)
      devise (>= 2.1.0)
    diff-lcs (1.3)
    dotenv (2.4.0)
    dotenv-rails (2.4.0)
      dotenv (= 2.4.0)
      railties (>= 3.2, < 6.0)
    dragonfly (1.2.0)
      addressable (~> 2.3)
      multi_json (~> 1.0)
      rack (>= 1.3)
    duktape (1.6.1.0)
    equalizer (0.0.11)
    erubi (1.8.0)
    execjs (2.7.0)
    exifr (1.3.6)
    factory_bot (4.8.2)
      activesupport (>= 3.0.0)
    factory_bot_rails (4.8.2)
      factory_bot (~> 4.8.2)
      railties (>= 3.0.0)
    ffi (1.10.0)
    flash_cookie_session (1.1.6)
      rails (>= 3.0)
    font-awesome-sass (5.2.0)
      sassc (>= 1.11)
    fspath (3.1.0)
    globalid (0.4.2)
      activesupport (>= 4.2.0)
    grape (1.1.0)
      activesupport
      builder
      mustermann-grape (~> 1.0.0)
      rack (>= 1.3.0)
      rack-accept
      virtus (>= 1.0.0)
    grape-entity (0.7.1)
      activesupport (>= 4.0)
      multi_json (>= 1.3.2)
    highline (1.7.10)
    httparty (0.16.4)
      mime-types (~> 3.0)
      multi_xml (>= 0.5.2)
    httpclient (2.8.3)
    i18n (1.6.0)
      concurrent-ruby (~> 1.0)
    ice_nine (0.11.2)
    image_optim (0.26.3)
      exifr (~> 1.2, >= 1.2.2)
      fspath (~> 3.0)
      image_size (>= 1.5, < 3)
      in_threads (~> 1.3)
      progress (~> 3.0, >= 3.0.1)
    image_optim_pack (0.5.1)
      fspath (>= 2.1, < 4)
      image_optim (~> 0.19)
    image_size (2.0.0)
    in_threads (1.5.1)
    jbuilder (2.8.0)
      activesupport (>= 4.2.0)
      multi_json (>= 1.2)
    jquery-rails (4.3.3)
      rails-dom-testing (>= 1, < 3)
      railties (>= 4.2.0)
      thor (>= 0.14, < 2.0)
    jquery-ui-rails (6.0.1)
      railties (>= 3.2.16)
    json (2.2.0)
    json-schema (2.8.1)
      addressable (>= 2.4)
    kaminari (1.1.1)
      activesupport (>= 4.1.0)
      kaminari-actionview (= 1.1.1)
      kaminari-activerecord (= 1.1.1)
      kaminari-core (= 1.1.1)
    kaminari-actionview (1.1.1)
      actionview
      kaminari-core (= 1.1.1)
    kaminari-activerecord (1.1.1)
      activerecord
      kaminari-core (= 1.1.1)
    kaminari-core (1.1.1)
    kaminari-mongoid (1.0.1)
      kaminari-core (~> 1.0)
      mongoid
    kramdown (1.16.2)
    locomotivecms-liquid (4.0.0)
    locomotivecms-solid (4.0.1)
      locomotivecms-liquid (~> 4.0.0)
    loofah (2.2.3)
      crass (~> 1.0.2)
      nokogiri (>= 1.5.9)
    mail (2.7.1)
      mini_mime (>= 0.1.1)
    marcel (0.3.3)
      mimemagic (~> 0.3.2)
    method_source (0.9.2)
    mime-types (3.1)
      mime-types-data (~> 3.2015)
    mime-types-data (3.2019.0331)
    mimemagic (0.3.3)
    mimetype-fu (0.1.2)
    mini_mime (1.0.1)
    mini_portile2 (2.4.0)
    minitest (5.11.3)
    moneta (1.0.0)
    monetize (1.9.1)
      money (~> 6.12)
    money (6.13.3)
      i18n (>= 0.6.4, <= 2)
    mongo (2.8.0)
      bson (>= 4.4.2, < 5.0.0)
    mongoid (6.4.2)
      activemodel (>= 5.1, < 6.0.0)
      mongo (>= 2.5.1, < 3.0.0)
    mongoid-grid_fs (2.4.0)
      mime-types (>= 1.0, < 4.0)
      mongoid (>= 3.0, < 8.0)
    mongoid-tree (2.1.1)
      mongoid (>= 4.0, < 8)
    morphine (0.1.1)
    msgpack (1.2.10)
    multi_json (1.13.1)
    multi_xml (0.6.0)
    mustermann (1.0.3)
    mustermann-grape (1.0.0)
      mustermann (~> 1.0.0)
    nio4r (2.3.1)
    nokogiri (1.10.3)
      mini_portile2 (~> 2.4.0)
    nokogumbo (1.5.0)
      nokogiri
    origin (2.3.1)
    orm_adapter (0.5.0)
    passenger (5.2.3)
      rack
      rake (>= 0.8.1)
    pony (1.13.1)
      mail (>= 2.0)
    progress (3.5.0)
    public_suffix (3.0.3)
    pundit (1.1.0)
      activesupport (>= 3.0.0)
    rack (2.0.7)
    rack-accept (0.4.5)
      rack (>= 0.4)
    rack-cache (1.7.2)
      rack (>= 0.4)
    rack-protection (2.0.5)
      rack
    rack-rewrite (1.5.1)
    rack-test (1.1.0)
      rack (>= 1.0, < 3)
    rack_csrf (2.6.0)
      rack (>= 1.1.0)
    rails (5.2.3)
      actioncable (= 5.2.3)
      actionmailer (= 5.2.3)
      actionpack (= 5.2.3)
      actionview (= 5.2.3)
      activejob (= 5.2.3)
      activemodel (= 5.2.3)
      activerecord (= 5.2.3)
      activestorage (= 5.2.3)
      activesupport (= 5.2.3)
      bundler (>= 1.3.0)
      railties (= 5.2.3)
      sprockets-rails (>= 2.0.0)
    rails-dom-testing (2.0.3)
      activesupport (>= 4.2.0)
      nokogiri (>= 1.6)
    rails-html-sanitizer (1.0.4)
      loofah (~> 2.2, >= 2.2.2)
    rails-i18n (5.1.3)
      i18n (>= 0.7, < 2)
      railties (>= 5.0, < 6)
    railties (5.2.3)
      actionpack (= 5.2.3)
      activesupport (= 5.2.3)
      method_source
      rake (>= 0.8.7)
      thor (>= 0.19.0, < 2.0)
    rake (12.3.2)
    rb-fsevent (0.10.3)
    rb-inotify (0.10.0)
      ffi (~> 1.0)
    redis (4.1.1)
    responders (2.4.1)
      actionpack (>= 4.2.0, < 6.0)
      railties (>= 4.2.0, < 6.0)
    rspec-core (3.8.0)
      rspec-support (~> 3.8.0)
    rspec-expectations (3.8.3)
      diff-lcs (>= 1.2.0, < 2.0)
      rspec-support (~> 3.8.0)
    rspec-mocks (3.8.0)
      diff-lcs (>= 1.2.0, < 2.0)
      rspec-support (~> 3.8.0)
    rspec-rails (3.8.2)
      actionpack (>= 3.0)
      activesupport (>= 3.0)
      railties (>= 3.0)
      rspec-core (~> 3.8.0)
      rspec-expectations (~> 3.8.0)
      rspec-mocks (~> 3.8.0)
      rspec-support (~> 3.8.0)
    rspec-support (3.8.0)
    sanitize (4.6.6)
      crass (~> 1.0.2)
      nokogiri (>= 1.4.4)
      nokogumbo (~> 1.4)
    sass (3.4.25)
    sass-rails (5.0.7)
      railties (>= 4.0.0, < 6)
      sass (~> 3.1)
      sprockets (>= 2.8, < 4.0)
      sprockets-rails (>= 2.0, < 4.0)
      tilt (>= 1.1, < 3)
    sassc (2.0.1)
      ffi (~> 1.9)
      rake
    sidekiq (5.1.3)
      concurrent-ruby (~> 1.0)
      connection_pool (~> 2.2, >= 2.2.0)
      rack-protection (>= 1.5.0)
      redis (>= 3.3.5, < 5)
    simple_form (4.0.1)
      actionpack (>= 5.0)
      activemodel (>= 5.0)
    simple_token_authentication (1.15.1)
      actionmailer (>= 3.2.6, < 6)
      actionpack (>= 3.2.6, < 6)
      devise (>= 3.2, < 6)
    slim (3.0.9)
      temple (>= 0.7.6, < 0.9)
      tilt (>= 1.3.3, < 2.1)
    sprockets (3.7.2)
      concurrent-ruby (~> 1.0)
      rack (> 1, < 3)
    sprockets-rails (3.2.1)
      actionpack (>= 4.0)
      activesupport (>= 4.0)
      sprockets (>= 3.0.0)
    stringex (2.8.5)
    temple (0.8.1)
    thor (0.20.3)
    thread_safe (0.3.6)
    tilt (2.0.9)
    turbolinks (5.2.0)
      turbolinks-source (~> 5.2)
    turbolinks-source (5.2.0)
    tzinfo (1.2.5)
      thread_safe (~> 0.1)
    uglifier (4.1.20)
      execjs (>= 0.3.0, < 3)
    virtus (1.0.5)
      axiom-types (~> 0.1)
      coercible (~> 1.0)
      descendants_tracker (~> 0.0, >= 0.0.3)
      equalizer (~> 0.0, >= 0.0.9)
    warden (1.2.8)
      rack (>= 2.0.6)
    websocket-driver (0.7.0)
      websocket-extensions (>= 0.1.0)
    websocket-extensions (0.1.3)
    yajl-ruby (1.3.1)

PLATFORMS
  ruby

DEPENDENCIES
  bootsnap (>= 1.1.0)
  byebug
  coffee-rails (~> 4.2)
  custom_fields!
  database_cleaner (~> 1.6.2)
  devise (~> 4.6.2)
  dotenv-rails (~> 2.4.0)
  factory_bot_rails (~> 4.8.2)
  locomotivecms!
  locomotivecms_common!
  locomotivecms_search!
  locomotivecms_steam!
  mongoid (~> 6.4.0)
  passenger (~> 5.2.1)
  rspec-rails (~> 3.7)
  sass-rails (~> 5.0)
  sidekiq (~> 5.1.3)
  turbolinks (~> 5)
  uglifier (>= 1.3.0)

BUNDLED WITH
   1.17.3
